{
	"Modality": "MR",
	"MagneticFieldStrength": 9.4,
	"ImagingFrequency": 400.512,
	"Manufacturer": "UIH",
	"ManufacturersModelName": "uMR_9.4T",
	"InstitutionName": "a_a_a_a_a_e_a",
	"InstitutionAddress": "a_a_a_a_a_a_c_a_e_e_18a_e",
	"DeviceSerialNumber": "H00015",
	"StationName": "UIHMR",
	"PatientPosition": "HFS",
	"SoftwareVersions": "R002",
	"MRAcquisitionType": "2D",
	"SeriesDescription": "t2_fse_tra_0.1x0.5mm",
	"ProtocolName": "t2_fse_tra_0.1x0.5mm",
	"ScanningSequence": "SE",
	"SequenceVariant": "NONE",
	"SequenceName": "fse",
	"ImageType": ["ORIGINAL", "PRIMARY", "M", "IF"],
	"SeriesNumber": 302,
	"AcquisitionTime": "09:49:16.670000",
	"SliceThickness": 0.5,
	"SpacingBetweenSlices": 0.5,
	"NumberOfAverages": 2,
	"EchoTime": 0.04736,
	"RepetitionTime": 3,
	"FlipAngle": 180,
	"PhaseEncodingDirectionDisplayed": "A->P",
	"PartialFourier": 0.0721154,
	"EchoTrainLength": 15,
	"AcquisitionMatrixPE": 208,
	"ReconMatrixPE": 416,
	"TotalReadoutTime": 81.083,
	"PixelBandwidth": 260,
	"PhaseEncodingAxis": "j",
	"ImageOrientationPatientDICOM": [
		1,
		-0,
		0,
		0,
		1,
		0	],
	"InPlanePhaseEncodingDirectionDICOM": "COL",
	"ConversionSoftware": "dcm2niix",
	"ConversionSoftwareVersion": "v1.0.20190902"
}
