{
	"Modality": "MR",
	"MagneticFieldStrength": 9.4,
	"ImagingFrequency": 400.512,
	"Manufacturer": "UIH",
	"ManufacturersModelName": "uMR_9.4T",
	"InstitutionName": "a_a_a_a_a_e_a",
	"InstitutionAddress": "a_a_a_a_a_a_c_a_e_e_18a_e",
	"DeviceSerialNumber": "H00015",
	"StationName": "UIHMR",
	"PatientPosition": "HFS",
	"SoftwareVersions": "R002",
	"MRAcquisitionType": "2D",
	"SeriesDescription": "epi_bold_mb_tra_0.15x0.5mm_run2",
	"ProtocolName": "epi_bold_mb_tra_0.15x0.5mm_run2",
	"ScanningSequence": "EP",
	"SequenceVariant": "NONE",
	"ScanOptions": "SB1",
	"SequenceName": "epi_bold",
	"ImageType": ["ORIGINAL", "PRIMARY", "M"],
	"SeriesNumber": 801,
	"AcquisitionTime": "10:39:29.647000",
	"SliceThickness": 0.5,
	"SpacingBetweenSlices": 0.5,
	"EchoTime": 0.0159,
	"RepetitionTime": 1,
	"FlipAngle": 55,
	"PhaseEncodingDirectionDisplayed": "A->P",
	"PartialFourier": 0.872093,
	"MultibandAccelerationFactor": 2,
	"EchoTrainLength": 75,
	"PhaseEncodingSteps": 75,
	"AcquisitionMatrixPE": 86,
	"ReconMatrixPE": 86,
	"BandwidthPerPixelPhaseEncode": 27.6855,
	"EffectiveEchoSpacing": 0.00042,
	"DerivedVendorReportedEchoSpacing": 0.00042,
	"TotalReadoutTime": 609.257,
	"PixelBandwidth": 3100,
	"PhaseEncodingAxis": "j",
	"SliceTiming": [
		0.70313,
		0.42188,
		0.91406,
		0.35156,
		0.84375,
		0.28125,
		0.77344,
		0.14063,
		0.63281,
		0.07031,
		0.5625,
		0,
		0.49219,
		0.21094,
		0.70313,
		0.42188,
		0.91406,
		0.35156,
		0.84375,
		0.28125,
		0.77344,
		0.14063,
		0.63281,
		0.07031,
		0.5625,
		0,
		0.49219,
		0.21094	],
	"ImageOrientationPatientDICOM": [
		1,
		-0,
		0,
		0,
		1,
		0	],
	"InPlanePhaseEncodingDirectionDICOM": "COL",
	"ConversionSoftware": "dcm2niix",
	"ConversionSoftwareVersion": "v1.0.20190902"
}
