{
	"Modality": "MR",
	"PatientPosition": "HFS",
	"MRAcquisitionType": "2D",
	"SeriesDescription": "B0Map_Echo2",
	"ProtocolName": "B0Map",
	"ScanningSequence": "NONE",
	"SequenceVariant": "NONE",
	"SequenceName": "B0_2.5ms200Hz",
	"ImageType": ["ORIGINAL", "PRIMARY", "M"],
	"SeriesNumber": 1,
	"AcquisitionTime": "10:59:56.288000",
	"SliceThickness": 0.5,
	"SpacingBetweenSlices": 0.5,
	"EchoTime": 0.0049,
	"RepetitionTime": 0.2,
	"FlipAngle": 10,
	"ReconMatrixPE": 62,
	"PixelBandwidth": 800,
	"PhaseEncodingAxis": "j",
	"ImageOrientationPatientDICOM": [
		1,
		-0,
		0,
		0,
		1,
		0	],
	"InPlanePhaseEncodingDirectionDICOM": "COL",
	"ConversionSoftware": "dcm2niix",
	"ConversionSoftwareVersion": "v1.0.20190902"
}
